{
    "Modality": "MR",
    "MagneticFieldStrength": 7.05568,
    "ImagingFrequency": 300.423,
    "Manufacturer": "Siemens",
    "ManufacturersModelName": "ClinScan",
    "InstitutionName": "Radboud University Nijmegen Medical Centre",
    "InstitutionAddress": "Street StreetNo,City,District,NL,ZIP",
    "DeviceSerialNumber": "40006",
    "StationName": "CLINSCAN",
    "PatientPosition": "HFS",
    "ProcedureStepDescription": "Roel^StandardRat",
    "SoftwareVersions": "syngo MR B15",
    "MRAcquisitionType": "2D",
    "SeriesDescription": "t2_tse_tra",
    "ProtocolName": "t2_tse_tra",
    "ScanningSequence": "SE",
    "SequenceVariant": "SK\\SP\\OSP",
    "ScanOptions": "SAT1\\FS",
    "SequenceName": "tseR2d1_7",
    "ImageType": [
        "ORIGINAL",
        "PRIMARY",
        "M",
        "ND"
    ],
    "SeriesNumber": 3,
    "AcquisitionTime": "11:13:0.870000",
    "AcquisitionNumber": 1,
    "SliceThickness": 1,
    "SpacingBetweenSlices": 1.1,
    "EchoTime": 0.025,
    "RepetitionTime": 2.65,
    "FlipAngle": 180,
    "PartialFourier": 1,
    "BaseResolution": 128,
    "ShimSetting": [
        61,
        6,
        151,
        -22,
        -6,
        0,
        -21,
        5
    ],
    "TxRefAmp": 37.1877,
    "PhaseResolution": 1,
    "ReceiveCoilName": "Rat_Br_2x2",
    "CoilString": "C:RB1-4",
    "PulseSequenceDetails": "%SiemensSeq%\\tse",
    "PercentPhaseFOV": 100,
    "PercentSampling": 100,
    "EchoTrainLength": 7,
    "PhaseEncodingSteps": 133,
    "AcquisitionMatrixPE": 128,
    "ReconMatrixPE": 128,
    "PixelBandwidth": 130,
    "DwellTime": 3e-05,
    "PhaseEncodingDirection": "j-",
    "SliceTiming": [
        1.32812,
        0,
        1.47656,
        0.14844,
        1.625,
        0.29688,
        1.77344,
        0.44531,
        1.92188,
        0.59375,
        2.07031,
        0.74219,
        2.21875,
        0.88281,
        2.36719,
        1.03906,
        2.51562,
        1.17969
    ],
    "ImageOrientationPatientDICOM": [
        1,
        0,
        0,
        0,
        0.997916,
        0.0645323
    ],
    "InPlanePhaseEncodingDirectionDICOM": "COL",
    "ConversionSoftware": "dcm2niix",
    "ConversionSoftwareVersion": "v1.0.20201102"
}