{
    "Modality": "MR",
    "MagneticFieldStrength": 7.05568,
    "ImagingFrequency": 300.423,
    "Manufacturer": "Siemens",
    "ManufacturersModelName": "ClinScan",
    "InstitutionName": "Radboud University Nijmegen Medical Centre",
    "InstitutionAddress": "Street StreetNo,City,District,NL,ZIP",
    "DeviceSerialNumber": "40006",
    "StationName": "CLINSCAN",
    "PatientPosition": "HFS",
    "ProcedureStepDescription": "Roel^StandardRat",
    "SoftwareVersions": "syngo MR B15",
    "MRAcquisitionType": "2D",
    "SeriesDescription": "ep2d_fid_400scans",
    "ProtocolName": "ep2d_fid_400scans",
    "ScanningSequence": "EP",
    "SequenceVariant": "SK",
    "ScanOptions": "SAT1\\FS",
    "SequenceName": "epfid2d1_64",
    "ImageType": [
        "ORIGINAL",
        "PRIMARY",
        "M",
        "ND"
    ],
    "SeriesNumber": 10,
    "AcquisitionTime": "12:08:23.605000",
    "AcquisitionNumber": 1,
    "SliceThickness": 1,
    "SpacingBetweenSlices": 1.1,
    "EchoTime": 0.017,
    "RepetitionTime": 1,
    "FlipAngle": 55,
    "PartialFourier": 1,
    "BaseResolution": 64,
    "ShimSetting": [
        -31,
        196,
        644,
        -536,
        27,
        -97,
        -121,
        -26
    ],
    "TxRefAmp": 63.4254,
    "PhaseResolution": 1,
    "ReceiveCoilName": "Rat_Br_2x2",
    "CoilString": "C:RB1-4",
    "PulseSequenceDetails": "%SiemensSeq%\\ep2d_fid",
    "PercentPhaseFOV": 100,
    "PercentSampling": 100,
    "PhaseEncodingSteps": 64,
    "AcquisitionMatrixPE": 64,
    "ReconMatrixPE": 64,
    "BandwidthPerPixelPhaseEncode": 45.956,
    "EffectiveEchoSpacing": 0.000339999,
    "DerivedVendorReportedEchoSpacing": 0.000339999,
    "TotalReadoutTime": 0.0214199,
    "PixelBandwidth": 3395,
    "DwellTime": 2.3e-06,
    "PhaseEncodingDirection": "j-",
    "SliceTiming": [
        0.5,
        0,
        0.5625,
        0.05469,
        0.61719,
        0.11719,
        0.67188,
        0.17188,
        0.72656,
        0.22656,
        0.78125,
        0.28125,
        0.83594,
        0.33594,
        0.89062,
        0.39062,
        0.95312,
        0.44531
    ],
    "ImageOrientationPatientDICOM": [
        1,
        -1e-16,
        0,
        1e-16,
        0.997801,
        0.0662739
    ],
    "InPlanePhaseEncodingDirectionDICOM": "COL",
    "ConversionSoftware": "dcm2niix",
    "ConversionSoftwareVersion": "v1.0.20201102",
    "TaskName": "ep2d_fid_400scans"
}