{
    "Modality": "MR",
    "MagneticFieldStrength": 7.05568,
    "ImagingFrequency": 300.423,
    "Manufacturer": "Siemens",
    "ManufacturersModelName": "ClinScan",
    "InstitutionName": "Radboud University Nijmegen Medical Centre",
    "InstitutionAddress": "Street StreetNo,City,District,NL,ZIP",
    "DeviceSerialNumber": "40006",
    "StationName": "CLINSCAN",
    "PatientPosition": "HFS",
    "ProcedureStepDescription": "Roel^StandardRat",
    "SoftwareVersions": "syngo MR B15",
    "MRAcquisitionType": "2D",
    "SeriesDescription": "ep2d_fid_400scans",
    "ProtocolName": "ep2d_fid_400scans",
    "ScanningSequence": "EP",
    "SequenceVariant": "SK",
    "ScanOptions": "SAT1\\FS",
    "SequenceName": "epfid2d1_64",
    "ImageType": [
        "ORIGINAL",
        "PRIMARY",
        "M",
        "ND"
    ],
    "SeriesNumber": 6,
    "AcquisitionTime": "17:44:49.622500",
    "AcquisitionNumber": 1,
    "SliceThickness": 1,
    "SpacingBetweenSlices": 1.1,
    "EchoTime": 0.017,
    "RepetitionTime": 1,
    "FlipAngle": 55,
    "PartialFourier": 1,
    "BaseResolution": 64,
    "ShimSetting": [
        36,
        89,
        547,
        -457,
        43,
        22,
        -143,
        21
    ],
    "TxRefAmp": 37.4059,
    "PhaseResolution": 1,
    "ReceiveCoilName": "Rat_Br_2x2",
    "CoilString": "C:RB1-4",
    "PulseSequenceDetails": "%SiemensSeq%\\ep2d_fid",
    "PercentPhaseFOV": 100,
    "PercentSampling": 100,
    "PhaseEncodingSteps": 64,
    "AcquisitionMatrixPE": 64,
    "ReconMatrixPE": 64,
    "BandwidthPerPixelPhaseEncode": 45.956,
    "EffectiveEchoSpacing": 0.000339999,
    "DerivedVendorReportedEchoSpacing": 0.000339999,
    "TotalReadoutTime": 0.0214199,
    "PixelBandwidth": 3395,
    "DwellTime": 2.3e-06,
    "PhaseEncodingDirection": "j-",
    "SliceTiming": [
        0.5,
        0,
        0.54688,
        0.04688,
        0.60938,
        0.10938,
        0.67188,
        0.15625,
        0.71875,
        0.21875,
        0.78125,
        0.28125,
        0.82812,
        0.32812,
        0.89062,
        0.39062,
        0.9375,
        0.4375
    ],
    "ImageOrientationPatientDICOM": [
        1,
        0,
        0,
        0,
        0.999701,
        0.0244322
    ],
    "InPlanePhaseEncodingDirectionDICOM": "COL",
    "ConversionSoftware": "dcm2niix",
    "ConversionSoftwareVersion": "v1.0.20201102",
    "TaskName": "ep2d_fid_400scans"
}