{
    "Modality": "MR",
    "MagneticFieldStrength": 7.05568,
    "ImagingFrequency": 300.423,
    "Manufacturer": "Siemens",
    "ManufacturersModelName": "ClinScan",
    "InstitutionName": "Radboud University Nijmegen Medical Centre",
    "InstitutionAddress": "Street StreetNo,City,District,NL,ZIP",
    "DeviceSerialNumber": "40006",
    "StationName": "CLINSCAN",
    "PatientPosition": "HFS",
    "ProcedureStepDescription": "Roel^StandardRat",
    "SoftwareVersions": "syngo MR B15",
    "MRAcquisitionType": "2D",
    "SeriesDescription": "ep2d_fid_400scans",
    "ProtocolName": "ep2d_fid_400scans",
    "ScanningSequence": "EP",
    "SequenceVariant": "SK",
    "ScanOptions": "SAT1\\FS",
    "SequenceName": "epfid2d1_64",
    "ImageType": [
        "ORIGINAL",
        "PRIMARY",
        "M",
        "ND"
    ],
    "SeriesNumber": 7,
    "AcquisitionTime": "18:21:10.900000",
    "AcquisitionNumber": 1,
    "SliceThickness": 1,
    "SpacingBetweenSlices": 1.1,
    "EchoTime": 0.017,
    "RepetitionTime": 1,
    "FlipAngle": 55,
    "PartialFourier": 1,
    "BaseResolution": 64,
    "ShimSetting": [
        91,
        55,
        292,
        14,
        -66,
        -263,
        -88,
        -19
    ],
    "TxRefAmp": 38.0025,
    "PhaseResolution": 1,
    "ReceiveCoilName": "Rat_Br_2x2",
    "CoilString": "C:RB1-4",
    "PulseSequenceDetails": "%SiemensSeq%\\ep2d_fid",
    "PercentPhaseFOV": 100,
    "PercentSampling": 100,
    "PhaseEncodingSteps": 64,
    "AcquisitionMatrixPE": 64,
    "ReconMatrixPE": 64,
    "BandwidthPerPixelPhaseEncode": 45.956,
    "EffectiveEchoSpacing": 0.000339999,
    "DerivedVendorReportedEchoSpacing": 0.000339999,
    "TotalReadoutTime": 0.0214199,
    "PixelBandwidth": 3395,
    "DwellTime": 2.3e-06,
    "PhaseEncodingDirection": "j-",
    "SliceTiming": [
        0.51562,
        0,
        0.5625,
        0.0625,
        0.625,
        0.125,
        0.67188,
        0.17188,
        0.73438,
        0.23438,
        0.78125,
        0.28125,
        0.84375,
        0.34375,
        0.90625,
        0.39062,
        0.95312,
        0.45312
    ],
    "ImageOrientationPatientDICOM": [
        0.999613,
        -0.00247319,
        0.0277009,
        -1.13761e-08,
        0.996038,
        0.0889287
    ],
    "InPlanePhaseEncodingDirectionDICOM": "COL",
    "ConversionSoftware": "dcm2niix",
    "ConversionSoftwareVersion": "v1.0.20201102",
    "TaskName": "ep2d_fid_400scans"
}